PATH
  remote: .
  specs:
    float-formats (0.4.0)
      flt (~> 1.5)
      numerals (~> 0.3)

GEM
  remote: https://rubygems.org/
  specs:
    flt (1.5.2)
    modalsupport (0.9.2)
    numerals (0.3.0)
      flt (~> 1.4)
      modalsupport (~> 0.9)
    rake (13.0.1)

PLATFORMS
  ruby

DEPENDENCIES
  bundler (>= 1.9)
  float-formats!
  rake (>= 12.3.3)

BUNDLED WITH
   2.1.2
